PATH
  remote: .
  specs:
    nats-client (0.1.0)
      concurrent-ruby (~> 1.0)
      json (~> 1)

GEM
  remote: https://rubygems.org/
  specs:
    concurrent-ruby (1.0.2)
    concurrent-ruby (1.0.2-java)
    concurrent-ruby-ext (1.0.2)
      concurrent-ruby (~> 1.0.2)
    diff-lcs (1.2.5)
    docile (1.1.5)
    json (1.8.3)
    json (1.8.3-java)
    rake (11.2.2)
    rspec (3.5.0)
      rspec-core (~> 3.5.0)
      rspec-expectations (~> 3.5.0)
      rspec-mocks (~> 3.5.0)
    rspec-core (3.5.2)
      rspec-support (~> 3.5.0)
    rspec-expectations (3.5.0)
      diff-lcs (>= 1.2.0, < 2.0)
      rspec-support (~> 3.5.0)
    rspec-mocks (3.5.0)
      diff-lcs (>= 1.2.0, < 2.0)
      rspec-support (~> 3.5.0)
    rspec-support (3.5.0)
    simplecov (0.12.0)
      docile (~> 1.1.0)
      json (>= 1.8, < 3)
      simplecov-html (~> 0.10.0)
    simplecov-html (0.10.0)

PLATFORMS
  java
  ruby

DEPENDENCIES
  concurrent-ruby-ext
  nats-client!
  rake
  rspec (~> 3.0)
  simplecov

BUNDLED WITH
   1.12.5
